PATH
  remote: .
  specs:
    arms (0.0.1)
      nokogiri

GEM
  remote: https://rubygems.org/
  specs:
    mini_portile (0.6.0)
    nokogiri (1.6.3.1)
      mini_portile (= 0.6.0)

PLATFORMS
  ruby

DEPENDENCIES
  arms!
